GEM
  remote: https://rubygems.org/
  specs:
    activemodel (4.2.0)
      activesupport (= 4.2.0)
      builder (~> 3.1)
    activesupport (4.2.0)
      i18n (~> 0.7)
      json (~> 1.7, >= 1.7.7)
      minitest (~> 5.1)
      thread_safe (~> 0.3, >= 0.3.4)
      tzinfo (~> 1.1)
    blockenspiel (0.4.5)
    bson (2.3.0)
    builder (3.2.2)
    connection_pool (2.1.1)
    factory_girl (4.5.0)
      activesupport (>= 3.0.0)
    ffi (1.9.6-x86-mingw32)
    geocoder (1.2.7)
    i18n (0.7.0)
    iso_country_codes (0.6.1)
    json (1.8.2)
    kgio (2.9.3)
    mime-types (2.4.3)
    minitest (5.5.1)
    mongoid (4.0.1)
      activemodel (~> 4.0)
      moped (~> 2.0.0)
      origin (~> 2.1)
      tzinfo (>= 0.3.37)
    moped (2.0.3)
      bson (~> 2.2)
      connection_pool (~> 2.0)
      optionable (~> 0.2.0)
    netrc (0.10.2)
    newrelic_rpm (3.9.9.275)
    optionable (0.2.0)
    origin (2.1.1)
    rack (1.6.0)
    rack-protection (1.5.3)
      rack
    raindrops (0.13.0)
    rake (10.4.2)
    require_all (1.3.2)
    rest-client (1.7.2-x86-mingw32)
      ffi (~> 1.9)
      mime-types (>= 1.16, < 3.0)
      netrc (~> 0.7)
    rmagick (2.13.4)
    simple-navigation (3.14.0)
      activesupport (>= 2.3.2)
    sinatra (1.4.5)
      rack (~> 1.4)
      rack-protection (~> 1.4)
      tilt (~> 1.3, >= 1.3.4)
    sinatra-simple-navigation (3.7.0)
      simple-navigation (>= 3.12.0)
    thread_safe (0.3.4)
    tilt (1.4.1)
    tzinfo (1.2.2)
      thread_safe (~> 0.1)
    unicorn (4.8.3)
      kgio (~> 2.6)
      rack
      raindrops (~> 0.7)
    versionomy (0.4.4)
      blockenspiel (>= 0.4.5)

PLATFORMS
  x86-mingw32

DEPENDENCIES
  activesupport
  factory_girl
  geocoder
  iso_country_codes
  minitest
  mongoid (>= 4.0)
  newrelic_rpm
  rake
  require_all
  rest-client
  rmagick
  sinatra
  sinatra-simple-navigation
  unicorn
  versionomy
